GEM
  remote: https://rubygems.org/
  specs:
    faker (1.2.0)
      i18n (~> 0.5)
    i18n (0.6.5)
    minitest (5.2.1)

PLATFORMS
  ruby

DEPENDENCIES
  faker
  minitest (~> 5.2)
